GEM
  remote: https://rubygems.org/
  specs:
    backports (3.3.3)
    daemons (1.1.9)
    eventmachine (1.0.3)
    multi_json (1.3.7)
    rack (1.5.2)
    rack-protection (1.5.0)
      rack
    rack-test (0.6.2)
      rack (>= 1.0)
    sinatra (1.4.3)
      rack (~> 1.4)
      rack-protection (~> 1.4)
      tilt (~> 1.3, >= 1.3.4)
    sinatra-contrib (1.4.1)
      backports (>= 2.0)
      multi_json
      rack-protection
      rack-test
      sinatra (~> 1.4.0)
      tilt (~> 1.3)
    sinatra-jsonp (0.4.2)
      multi_json (~> 1.3.7)
      sinatra (~> 1.0)
    thin (1.5.1)
      daemons (>= 1.0.9)
      eventmachine (>= 0.12.6)
      rack (>= 1.0.0)
    tilt (1.4.1)

PLATFORMS
  ruby

DEPENDENCIES
  sinatra (= 1.4.3)
  sinatra-contrib (= 1.4.1)
  sinatra-jsonp (= 0.4.2)
  thin (= 1.5.1)
